GEM
  remote: https://rubygems.org/
  specs:
    asciidoc (0.0.2)

PLATFORMS
  ruby
  x86_64-linux

DEPENDENCIES
  asciidoc

BUNDLED WITH
   2.5.7
