GEM
  remote: https://rubygems.org/
  specs:
    asciidoctor (2.0.22)
    asciidoctor-diagram (2.3.0)
      asciidoctor (>= 1.5.7, < 3.x)
      asciidoctor-diagram-ditaamini (~> 1.0)
      asciidoctor-diagram-plantuml (~> 1.2021)
      rexml
    asciidoctor-diagram-ditaamini (1.0.3)
    asciidoctor-diagram-plantuml (1.2024.3)
    asciidoctor-html5s (0.5.1)
      asciidoctor (>= 1.5.7, < 3.0)
      thread_safe (~> 0.3.4)
    rexml (3.2.6)
    thread_safe (0.3.6)

PLATFORMS
  ruby
  x86_64-linux

DEPENDENCIES
  asciidoctor
  asciidoctor-diagram
  asciidoctor-html5s

BUNDLED WITH
   2.5.7
